GEM
  remote: https://rubygems.org/
  specs:
    coderay (1.1.3)
    erubis (2.7.0)
    kramdown (2.3.1)
      rexml
    method_source (1.0.0)
    pry (0.14.1)
      coderay (~> 1.1)
      method_source (~> 1.0)
    rexml (3.2.5)
    rss (0.2.9)
      rexml

PLATFORMS
  x86_64-darwin-20

DEPENDENCIES
  erubis
  kramdown
  pry
  rss

BUNDLED WITH
   2.2.3
